GEM
  remote: https://rubygems.org/
  specs:
    facebook-messenger (1.0.0)
      httparty (~> 0.13, >= 0.13.7)
      rack (>= 1.6.4)
    httparty (0.16.2)
      multi_xml (>= 0.5.2)
    multi_xml (0.6.0)
    rack (2.0.5)

PLATFORMS
  ruby

DEPENDENCIES
  facebook-messenger (~> 1.0.0)

RUBY VERSION
   ruby 2.5.1p57

BUNDLED WITH
   1.16.1
